GIT
  remote: git://github.com/plataformatec/simple_form.git
  revision: 29f8f768f1702c6d032854b870d14eadb81cea88
  branch: master
  specs:
    simple_form (3.1.0.rc2)
      actionpack (~> 4.0)
      activemodel (~> 4.0)

GIT
  remote: git://github.com/rails/jquery-rails.git
  revision: aebb0604a45d2e2c7510ef65c3d6504bf5ab161a
  branch: rails-4-only
  specs:
    jquery-rails (3.1.0)
      railties (>= 4.0, < 5.0)

GIT
  remote: git://github.com/plataformatec/devise.git
  revision: c25312e78ec413f2edb0f50bc03e3472c328d862
  branch: lm-rails-4-2
  specs:
    devise (3.3.0)
      bcrypt (~> 3.0)
      orm_adapter (~> 0.1)
      railties (>= 3.2.6, < 5)
      responders
      thread_safe (~> 0.1)
      warden (~> 1.2.3)

GEM
  remote: https://rubygems.org/
  specs:
    actionmailer (4.2.0.beta1)
      actionpack (= 4.2.0.beta1)
      actionview (= 4.2.0.beta1)
      mail (~> 2.5, >= 2.5.4)
      rails-dom-testing (~> 1.0, >= 1.0.2)
    actionpack (4.2.0.beta1)
      actionview (= 4.2.0.beta1)
      activesupport (= 4.2.0.beta1)
      rack (~> 1.6.0.beta)
      rack-test (~> 0.6.2)
      rails-deprecated_sanitizer (~> 1.0, >= 1.0.2)
      rails-dom-testing (~> 1.0, >= 1.0.2)
    actionview (4.2.0.beta1)
      activesupport (= 4.2.0.beta1)
      builder (~> 3.1)
      erubis (~> 2.7.0)
      rails-deprecated_sanitizer (~> 1.0, >= 1.0.2)
      rails-dom-testing (~> 1.0, >= 1.0.2)
    activejob (4.2.0.beta1)
      globalid (>= 0.2.3)
    activemodel (4.2.0.beta1)
      activesupport (= 4.2.0.beta1)
      builder (~> 3.1)
    activerecord (4.2.0.beta1)
      activemodel (= 4.2.0.beta1)
      activesupport (= 4.2.0.beta1)
      arel (>= 6.0.0.beta1, < 6.1)
    activesupport (4.2.0.beta1)
      i18n (>= 0.7.0.beta1, < 0.8)
      json (~> 1.7, >= 1.7.7)
      minitest (~> 5.1)
      thread_safe (~> 0.1)
      tzinfo (~> 1.1)
    acts-as-taggable-on (3.4.1)
      activerecord (>= 3.2, < 5)
    arel (6.0.0.beta1)
    aws-sdk (1.52.0)
      aws-sdk-v1 (= 1.52.0)
    aws-sdk-v1 (1.52.0)
      json (~> 1.4)
      nokogiri (>= 1.4.4)
    bcrypt (3.1.7)
    better_errors (2.0.0)
      coderay (>= 1.0.0)
      erubis (>= 2.6.6)
      rack (>= 0.9.0)
    bootstrap-sass (3.1.1.1)
      sass (~> 3.2)
    builder (3.2.2)
    climate_control (0.0.3)
      activesupport (>= 3.0)
    cocaine (0.5.4)
      climate_control (>= 0.0.3, < 1.0)
    coderay (1.1.0)
    coffee-rails (4.0.1)
      coffee-script (>= 2.2.0)
      railties (>= 4.0.0, < 5.0)
    coffee-script (2.3.0)
      coffee-script-source
      execjs
    coffee-script-source (1.8.0)
    erubis (2.7.0)
    execjs (2.2.1)
    font-awesome-rails (4.2.0.0)
      railties (>= 3.2, < 5.0)
    globalid (0.2.3)
      activesupport (>= 4.1.0)
    hike (1.2.3)
    i18n (0.7.0.beta1)
    imgkit (1.4.1)
    jbuilder (2.1.3)
      activesupport (>= 3.0.0, < 5)
      multi_json (~> 1.2)
    json (1.8.1)
    kgio (2.9.2)
    mail (2.6.1)
      mime-types (>= 1.16, < 3)
    meta-tags (2.0.0)
      actionpack (>= 3.0.0)
    mime-types (2.3)
    mini_portile (0.6.0)
    minitest (5.4.1)
    multi_json (1.10.1)
    mysql2 (0.3.16)
    nokogiri (1.6.3.1)
      mini_portile (= 0.6.0)
    orm_adapter (0.5.0)
    paperclip (4.2.0)
      activemodel (>= 3.0.0)
      activesupport (>= 3.0.0)
      cocaine (~> 0.5.3)
      mime-types
    rack (1.6.0.beta)
    rack-test (0.6.2)
      rack (>= 1.0)
    rails (4.2.0.beta1)
      actionmailer (= 4.2.0.beta1)
      actionpack (= 4.2.0.beta1)
      actionview (= 4.2.0.beta1)
      activejob (= 4.2.0.beta1)
      activemodel (= 4.2.0.beta1)
      activerecord (= 4.2.0.beta1)
      activesupport (= 4.2.0.beta1)
      bundler (>= 1.3.0, < 2.0)
      railties (= 4.2.0.beta1)
      sprockets-rails (~> 3.0.0.beta1)
    rails-deprecated_sanitizer (1.0.2)
      activesupport (>= 4.2.0.alpha)
    rails-dom-testing (1.0.2)
      activesupport
      nokogiri (~> 1.6.0)
      rails-deprecated_sanitizer (>= 1.0.1)
    railties (4.2.0.beta1)
      actionpack (= 4.2.0.beta1)
      activesupport (= 4.2.0.beta1)
      rake (>= 0.8.7)
      thor (>= 0.18.1, < 2.0)
    raindrops (0.13.0)
    rake (10.3.2)
    responders (2.0.0)
      railties (>= 4.2.0.alpha, < 5)
    sass (3.4.2)
    sass-rails (5.0.0.beta1)
      railties (>= 4.0.0, < 5.0)
      sass (~> 3.2)
      sprockets (~> 2.12)
      sprockets-rails (>= 2.0, < 4.0)
    slim (2.0.3)
      temple (~> 0.6.6)
      tilt (>= 1.3.3, < 2.1)
    slim-rails (2.1.5)
      actionpack (>= 3.0, < 4.2)
      activesupport (>= 3.0, < 4.2)
      railties (>= 3.0, < 4.2)
      slim (~> 2.0)
    sprockets (2.12.1)
      hike (~> 1.2)
      multi_json (~> 1.0)
      rack (~> 1.0)
      tilt (~> 1.1, != 1.3.0)
    sprockets-rails (3.0.0.beta1)
      actionpack (>= 4.0)
      activesupport (>= 4.0)
      sprockets (~> 2.8)
    temple (0.6.8)
    thor (0.19.1)
    thread_safe (0.3.4)
    tilt (1.4.1)
    turbolinks (2.3.0)
      coffee-rails
    tzinfo (1.2.2)
      thread_safe (~> 0.1)
    uglifier (2.5.3)
      execjs (>= 0.3.0)
      json (>= 1.8.0)
    unicorn (4.8.3)
      kgio (~> 2.6)
      rack
      raindrops (~> 0.7)
    warden (1.2.3)
      rack (>= 1.0)
    will_paginate (3.0.7)

PLATFORMS
  ruby

DEPENDENCIES
  acts-as-taggable-on
  aws-sdk
  better_errors
  bootstrap-sass (~> 3.1.1)
  coffee-rails (~> 4.0.0)
  devise!
  execjs
  font-awesome-rails
  imgkit
  jbuilder (~> 2.0)
  jquery-rails!
  meta-tags
  mysql2
  paperclip (~> 4.2)
  rails (= 4.2.0.beta1)
  responders (~> 2.0)
  sass-rails (~> 5.0.0.beta1)
  simple_form!
  slim-rails
  sprockets
  turbolinks
  uglifier (>= 1.3.0)
  unicorn
  will_paginate (~> 3.0)
